GIT
  remote: git://github.com/daybreaker/suitcase.git
  revision: 6ba9d5d677fda753c70bf232d4c00e2b0981a6ba
  specs:
    suitcase (1.7.0)
      json
      patron

GEM
  remote: http://rubygems.org/
  specs:
    activesupport (3.2.9)
      i18n (~> 0.6)
      multi_json (~> 1.0)
    haml (3.1.7)
    i18n (0.6.1)
    json (1.7.5)
    multi_json (1.5.0)
    nokogiri (1.5.5)
    patron (0.4.18)
    rack (1.4.1)
    rack-protection (1.3.2)
      rack
    shotgun (0.9)
      rack (>= 1.0)
    sinatra (1.3.3)
      rack (~> 1.3, >= 1.3.6)
      rack-protection (~> 1.2)
      tilt (~> 1.3, >= 1.3.3)
    tilt (1.3.3)

PLATFORMS
  ruby

DEPENDENCIES
  activesupport
  haml
  nokogiri
  shotgun
  sinatra
  suitcase!
